GEM
  remote: https://rubygems.org/
  specs:
    minitest (5.16.2)
    ruby2d (0.11.3)

PLATFORMS
  x64-mingw32

DEPENDENCIES
  minitest (~> 5)
  ruby2d (~> 0.11.3)

BUNDLED WITH
   2.2.32
